GEM
  remote: https://rubygems.org/
  specs:
    awesome_print (1.7.0)
    diplomat (1.0.0)
      faraday (~> 0.9)
      json
    faraday (0.9.2)
      multipart-post (>= 1.2, < 3)
    highline (1.7.8)
    json (2.0.2)
    multipart-post (2.0.0)

PLATFORMS
  ruby

DEPENDENCIES
  awesome_print
  diplomat
  highline

BUNDLED WITH
   1.10.6
